GIT
  remote: https://github.com/izwick-schachter/se-api
  revision: 5cfb22e23af167dcf2700d2eefdbb85fcab56e76
  branch: master
  specs:
    se-api (0.0.0.beta1)

GIT
  remote: https://github.com/izwick-schachter/se-realtime
  revision: b7df61bed995db197a4b4813601fc4417e400af7
  branch: master
  specs:
    se-realtime (0.0.0.beta2)
      mechanize (~> 2.7)
      nokogiri (~> 1.8)
      permessage_deflate (~> 0.1)
      websocket-driver (~> 0.6)

GIT
  remote: https://gitlab.com/izwick-schachter/chatx
  revision: e1ca0adaa91b4da2c1095d95c73aa567a69a132d
  branch: master
  specs:
    chatx (0.0.0.pre.pre3)
      htmlentities (~> 4.3)
      mechanize (~> 2.7)
      nokogiri (~> 1.8)
      permessage_deflate (~> 0.1)
      websocket-driver (~> 0.6)

GEM
  remote: https://rubygems.org/
  specs:
    domain_name (0.5.20170404)
      unf (>= 0.0.5, < 1.0.0)
    eventmachine (1.2.5)
    faye-websocket (0.10.7)
      eventmachine (>= 0.12.0)
      websocket-driver (>= 0.5.1)
    htmlentities (4.3.4)
    http-cookie (1.0.3)
      domain_name (~> 0.5)
    mechanize (2.7.5)
      domain_name (~> 0.5, >= 0.5.1)
      http-cookie (~> 1.0)
      mime-types (>= 1.17.2)
      net-http-digest_auth (~> 1.1, >= 1.1.1)
      net-http-persistent (~> 2.5, >= 2.5.2)
      nokogiri (~> 1.6)
      ntlm-http (~> 0.1, >= 0.1.1)
      webrobots (>= 0.0.9, < 0.2)
    mime-types (3.1)
      mime-types-data (~> 3.2015)
    mime-types-data (3.2016.0521)
    mini_portile2 (2.3.0)
    net-http-digest_auth (1.4.1)
    net-http-persistent (2.9.4)
    nokogiri (1.8.1)
      mini_portile2 (~> 2.3.0)
    ntlm-http (0.1.1)
    permessage_deflate (0.1.4)
    puma (3.11.0)
    unf (0.1.4)
      unf_ext
    unf_ext (0.0.7.4)
    webrobots (0.1.2)
    websocket-driver (0.7.0)
      websocket-extensions (>= 0.1.0)
    websocket-extensions (0.1.3)

PLATFORMS
  ruby

DEPENDENCIES
  chatx!
  faye-websocket
  puma
  se-api!
  se-realtime!
  websocket-driver

BUNDLED WITH
   1.16.1
